GEM
  remote: https://rubygems.org/
  specs:
    ffi (1.9.10)
    listen (3.0.6)
      rb-fsevent (>= 0.9.3)
      rb-inotify (>= 0.9.7)
    mime-types (3.0)
      mime-types-data (~> 3.2015)
    mime-types-data (3.2015.1120)
    rack (1.6.4)
    rb-fsevent (0.9.7)
    rb-inotify (0.9.7)
      ffi (>= 0.5.0)
    rerun (0.11.0)
      listen (~> 3.0)
    sqlite3 (1.3.11)

PLATFORMS
  ruby

DEPENDENCIES
  mime-types (~> 3.0)
  rack
  rerun
  sqlite3

BUNDLED WITH
   1.11.2
